GIT
  remote: https://github.com/sbounmy/bitcoin-ruby.git
  revision: 63b690a7c647b5ae3a0d430a8bf606edd2ef5737
  branch: master
  specs:
    bitcoin-ruby (0.0.20)
      eventmachine
      ffi
      scrypt

GEM
  remote: https://rubygems.org/
  specs:
    base58 (0.2.3)
    base64 (0.2.0)
    bigdecimal (3.1.9)
    csv (3.3.3)
    eventmachine (1.2.7)
    ffi (1.17.1)
    ffi (1.17.1-aarch64-linux-gnu)
    ffi (1.17.1-aarch64-linux-musl)
    ffi (1.17.1-arm-linux-gnu)
    ffi (1.17.1-arm-linux-musl)
    ffi (1.17.1-arm64-darwin)
    ffi (1.17.1-x86-linux-gnu)
    ffi (1.17.1-x86-linux-musl)
    ffi (1.17.1-x86_64-darwin)
    ffi (1.17.1-x86_64-linux-gnu)
    ffi (1.17.1-x86_64-linux-musl)
    ffi-compiler (1.3.2)
      ffi (>= 1.15.5)
      rake
    httparty (0.23.1)
      csv
      mini_mime (>= 1.0.0)
      multi_xml (>= 0.5.2)
    httpparty (0.2.0)
      httparty (> 0)
    logger (1.7.0)
    mini_mime (1.1.5)
    multi_xml (0.7.1)
      bigdecimal (~> 3.1)
    mustermann (3.0.3)
      ruby2_keywords (~> 0.0.1)
    nio4r (2.7.4)
    puma (6.6.0)
      nio4r (~> 2.0)
    rack (3.1.12)
    rack-protection (4.1.1)
      base64 (>= 0.1.0)
      logger (>= 1.6.0)
      rack (>= 3.0.0, < 4)
    rack-session (2.1.0)
      base64 (>= 0.1.0)
      rack (>= 3.0.0)
    rackup (2.2.1)
      rack (>= 3)
    rake (13.2.1)
    rbnacl (7.1.2)
      ffi (~> 1)
    ruby2_keywords (0.0.5)
    scrypt (3.0.8)
      ffi-compiler (>= 1.0, < 2.0)
      rake (>= 9, < 14)
    secp256k1 (0.0.1)
      ffi
    sinatra (4.1.1)
      logger (>= 1.6.0)
      mustermann (~> 3.0)
      rack (>= 3.0.0, < 4)
      rack-protection (= 4.1.1)
      rack-session (>= 2.0.0, < 3)
      tilt (~> 2.0)
    sinatra-cors (1.2.0)
    tilt (2.6.0)

PLATFORMS
  aarch64-linux-gnu
  aarch64-linux-musl
  arm-linux-gnu
  arm-linux-musl
  arm64-darwin
  ruby
  x86-linux-gnu
  x86-linux-musl
  x86_64-darwin
  x86_64-linux-gnu
  x86_64-linux-musl

DEPENDENCIES
  base58
  bitcoin-ruby!
  httpparty
  puma
  rackup
  rbnacl
  secp256k1
  sinatra
  sinatra-cors (~> 1.2)

BUNDLED WITH
   2.5.14
